GIT
  remote: git://github.com/chloerei/alipay.git
  revision: 95aa7c7cdad40b75bef45cc9cf5c1b39ed91058e
  specs:
    alipay (0.4.0)

GIT
  remote: https://github.com/wyh770406/taobaorb
  revision: 644c141b71faee5966dbc3b5e8cffa4116740f81
  specs:
    taobaorb (0.9.3)
      nokogiri

GEM
  remote: http://ruby.taobao.org/
  specs:
    SystemTimer (1.2.3)
    actionmailer (3.2.14)
      actionpack (= 3.2.14)
      mail (~> 2.5.4)
    actionpack (3.2.14)
      activemodel (= 3.2.14)
      activesupport (= 3.2.14)
      builder (~> 3.0.0)
      erubis (~> 2.7.0)
      journey (~> 1.0.4)
      rack (~> 1.4.5)
      rack-cache (~> 1.2)
      rack-test (~> 0.6.1)
      sprockets (~> 2.2.1)
    activemodel (3.2.14)
      activesupport (= 3.2.14)
      builder (~> 3.0.0)
    activerecord (3.2.14)
      activemodel (= 3.2.14)
      activesupport (= 3.2.14)
      arel (~> 3.0.2)
      tzinfo (~> 0.3.29)
    activerecord-import (0.2.11)
      activerecord (~> 3.0)
      activerecord (~> 3.0)
    activeresource (3.2.14)
      activemodel (= 3.2.14)
      activesupport (= 3.2.14)
    activesupport (3.2.14)
      i18n (~> 0.6, >= 0.6.4)
      multi_json (~> 1.0)
    acts-as-taggable-on (3.4.4)
      activerecord (>= 3.2, < 5)
    acts_as_api (0.4.2)
      activemodel (>= 3.0.0)
      activesupport (>= 3.0.0)
      rack (>= 1.1.0)
    acts_as_commentable (3.0.1)
    acts_as_follower (0.1.1)
    addressable (2.3.7)
    airbrake (4.1.0)
      builder
      multi_json
    arel (3.0.3)
    awesome_print (1.6.1)
    axiom-types (0.1.1)
      descendants_tracker (~> 0.0.4)
      ice_nine (~> 0.11.0)
      thread_safe (~> 0.3, >= 0.3.1)
    backbone-on-rails (1.1.2.0)
      actionmailer
      actionpack
      activemodel
      activeresource
      eco
      ejs
      jquery-rails
      railties
    baidu_push (0.0.2)
      httparty (>= 0.11.0)
    bcrypt (3.1.10)
    bcrypt-ruby (3.1.5)
      bcrypt (>= 3.1.3)
    beaver (1.4.3)
    better_errors (2.1.1)
      coderay (>= 1.0.0)
      erubis (>= 2.6.6)
      rack (>= 0.9.0)
    binding_of_caller (0.7.2)
      debug_inspector (>= 0.0.1)
    bootstrap-sass (2.3.2.2)
      sass (~> 3.2)
    builder (3.0.4)
    cache_digests (0.3.1)
      actionpack (>= 3.2)
      thread_safe
    cancan (1.6.10)
    capistrano (3.2.1)
      i18n
      rake (>= 10.0.0)
      sshkit (~> 1.3)
    capistrano-bundler (1.1.4)
      capistrano (~> 3.1)
      sshkit (~> 1.2)
    capistrano-rails (1.1.2)
      capistrano (~> 3.1)
      capistrano-bundler (~> 1.1)
    capistrano-rvm (0.1.2)
      capistrano (~> 3.0)
      sshkit (~> 1.2)
    capybara (2.4.4)
      mime-types (>= 1.16)
      nokogiri (>= 1.3.3)
      rack (>= 1.0.0)
      rack-test (>= 0.5.4)
      xpath (~> 2.0)
    carrierwave (0.10.0)
      activemodel (>= 3.2.0)
      activesupport (>= 3.2.0)
      json (>= 1.7)
      mime-types (>= 1.16)
    celluloid (0.15.2)
      timers (~> 1.1.0)
    childprocess (0.5.5)
      ffi (~> 1.0, >= 1.0.11)
    china_sms (0.0.7)
    chinese_pinyin (0.6.1.1)
    chronic (0.10.2)
    client_side_validations (3.2.6)
    client_side_validations-simple_form (2.1.0)
      client_side_validations (~> 3.2.5)
      simple_form (~> 2.1.0)
    coderay (1.1.0)
    coercible (1.0.0)
      descendants_tracker (~> 0.0.1)
    coffee-rails (3.2.2)
      coffee-script (>= 2.2.0)
      railties (~> 3.2.0)
    coffee-script (2.3.0)
      coffee-script-source
      execjs
    coffee-script-source (1.9.1)
    colorize (0.7.5)
    connection_pool (2.1.1)
    css_parser (1.3.6)
      addressable
    cucumber (1.3.19)
      builder (>= 2.1.2)
      diff-lcs (>= 1.1.3)
      gherkin (~> 2.12)
      multi_json (>= 1.7.5, < 2.0)
      multi_test (>= 0.1.2)
    cucumber-rails (1.4.2)
      capybara (>= 1.1.2, < 3)
      cucumber (>= 1.3.8, < 2)
      mime-types (>= 1.16, < 3)
      nokogiri (~> 1.5)
      rails (>= 3, < 5)
    dalli (2.7.2)
    database_cleaner (1.4.0)
    debug_inspector (0.0.2)
    descendants_tracker (0.0.4)
      thread_safe (~> 0.3, >= 0.3.1)
    devise (2.2.8)
      bcrypt-ruby (~> 3.0)
      orm_adapter (~> 0.1)
      railties (~> 3.1)
      warden (~> 1.2.1)
    diff-lcs (1.2.5)
    domain_name (0.5.23)
      unf (>= 0.0.5, < 1.0.0)
    eco (1.0.0)
      coffee-script
      eco-source
      execjs
    eco-source (1.1.0.rc.1)
    ejs (1.1.1)
    email_spec (1.6.0)
      launchy (~> 2.1)
      mail (~> 2.2)
    equalizer (0.0.9)
    erubis (2.7.0)
    eventmachine (1.0.7)
    exception_notification (3.0.0)
      actionmailer (>= 3.0.4)
      tinder (~> 1.8)
    execjs (2.3.0)
    facebox-rails (0.2.0)
      railties (>= 3.0, < 5.0)
      thor (>= 0.14, < 2.0)
    factory_girl (4.5.0)
      activesupport (>= 3.0.0)
    factory_girl_rails (4.5.0)
      factory_girl (~> 4.5.0)
      railties (>= 3.0.0)
    faraday (0.9.1)
      multipart-post (>= 1.2, < 3)
    faraday_middleware (0.9.1)
      faraday (>= 0.7.4, < 0.10)
    ffi (1.9.6)
    font-awesome-rails (3.2.1.3)
      railties (>= 3.2, < 5.0)
    foreigner (1.1.6)
      activerecord (>= 3.0.0)
    gherkin (2.12.2)
      multi_json (~> 1.3)
    grape (0.7.0)
      activesupport
      builder
      hashie (>= 1.2.0)
      multi_json (>= 1.3.2)
      multi_xml (>= 0.5.2)
      rack (>= 1.3.0)
      rack-accept
      rack-mount
      virtus (>= 1.0.0)
    grape-jbuilder (0.2.0)
      grape (>= 0.3)
      i18n
      jbuilder
      tilt
      tilt-jbuilder (>= 0.4.0)
    grocer (0.6.0)
    haml (4.0.6)
      tilt
    haml-rails (0.4)
      actionpack (>= 3.1, < 4.1)
      activesupport (>= 3.1, < 4.1)
      haml (>= 3.1, < 4.1)
      railties (>= 3.1, < 4.1)
    hashie (2.0.5)
    headless (1.0.2)
    hike (1.2.3)
    hpricot (0.8.6)
    http-cookie (1.0.2)
      domain_name (~> 0.5)
    http_parser.rb (0.5.3)
    httparty (0.13.3)
      json (~> 1.8)
      multi_xml (>= 0.5.2)
    httpclient (2.6.0.1)
    i18n (0.7.0)
    ice_nine (0.11.1)
    jbuilder (2.2.8)
      activesupport (>= 3.0.0, < 5)
      multi_json (~> 1.2)
    journey (1.0.4)
    jquery-rails (3.1.2)
      railties (>= 3.0, < 5.0)
      thor (>= 0.14, < 2.0)
    jquery-ui-rails (3.0.1)
      jquery-rails
      railties (>= 3.1.0)
    json (1.8.2)
    json_spec (1.1.4)
      multi_json (~> 1.0)
      rspec (>= 2.0, < 4.0)
    jwt (1.3.0)
    kaminari (0.16.3)
      actionpack (>= 3.0.0)
      activesupport (>= 3.0.0)
    launchy (2.4.3)
      addressable (~> 2.3)
    lol_dba (1.6.4)
      actionpack (>= 3.0)
      activerecord (>= 3.0)
      railties (>= 3.0)
    mail (2.5.4)
      mime-types (~> 1.16)
      treetop (~> 1.4.8)
    mailboxer (0.8.0)
      carrierwave (>= 0.5.8)
      foreigner (>= 0.9.1)
      rails (> 3.0.0)
    mechanize (2.7.2)
      domain_name (~> 0.5, >= 0.5.1)
      http-cookie (~> 1.0.0)
      mime-types (~> 1.17, >= 1.17.2)
      net-http-digest_auth (~> 1.1, >= 1.1.1)
      net-http-persistent (~> 2.5, >= 2.5.2)
      nokogiri (~> 1.4)
      ntlm-http (~> 0.1, >= 0.1.1)
      webrobots (>= 0.0.9, < 0.2)
    mime-types (1.25.1)
    mini_magick (3.7.0)
      subexec (~> 0.2.1)
    mini_portile (0.6.2)
    multi_json (1.10.1)
    multi_test (0.1.2)
    multi_xml (0.5.5)
    multipart-post (2.0.0)
    mysql2 (0.3.11)
    nested_form (0.3.2)
    net-http-digest_auth (1.4)
    net-http-persistent (2.9.4)
    net-scp (1.2.1)
      net-ssh (>= 2.6.5)
    net-ssh (2.9.2)
    netrc (0.10.3)
    newrelic_rpm (3.10.0.279)
    nokogiri (1.6.6.2)
      mini_portile (~> 0.6.0)
    ntlm-http (0.1.1)
    oauth2 (0.9.4)
      faraday (>= 0.8, < 0.10)
      jwt (~> 1.0)
      multi_json (~> 1.3)
      multi_xml (~> 0.5)
      rack (~> 1.2)
    oj (2.11.5)
    omniauth (1.2.2)
      hashie (>= 1.2, < 4)
      rack (~> 1.0)
    omniauth-oauth2 (1.1.2)
      faraday (>= 0.8, < 0.10)
      multi_json (~> 1.3)
      oauth2 (~> 0.9.3)
      omniauth (~> 1.2)
    omniauth-qq-connect (0.1.0)
      omniauth (~> 1.0)
      omniauth-oauth2 (~> 1.0)
    omniauth-weibo-oauth2 (0.4.0)
      omniauth (~> 1.0)
      omniauth-oauth2 (~> 1.0)
    omniauth-weixin (0.0.1)
      omniauth (~> 1.0)
      omniauth-oauth2 (~> 1.1)
    orm_adapter (0.5.0)
    polyamorous (0.6.4)
      activerecord (>= 3.0)
    polyglot (0.3.5)
    qiniu (6.2.4)
      json (~> 1.7)
      mime-types (~> 1.19)
      rest-client (~> 1.6)
      ruby-hmac (~> 0.4)
    quiet_assets (1.1.0)
      railties (>= 3.1, < 5.0)
    rabl (0.11.6)
      activesupport (>= 2.3.14)
    rack (1.4.5)
    rack-accept (0.4.5)
      rack (>= 0.4)
    rack-cache (1.2)
      rack (>= 0.4)
    rack-mount (0.8.3)
      rack (>= 1.0.0)
    rack-pjax (0.8.0)
      nokogiri (~> 1.5)
      rack (~> 1.1)
    rack-protection (1.5.3)
      rack
    rack-ssl (1.3.4)
      rack
    rack-test (0.6.3)
      rack (>= 1.0)
    rails (3.2.14)
      actionmailer (= 3.2.14)
      actionpack (= 3.2.14)
      activerecord (= 3.2.14)
      activeresource (= 3.2.14)
      activesupport (= 3.2.14)
      bundler (~> 1.0)
      railties (= 3.2.14)
    rails_admin (0.4.9)
      bootstrap-sass (~> 2.2)
      builder (~> 3.0)
      coffee-rails (>= 3.1, < 5)
      font-awesome-rails (~> 3.0)
      haml (~> 4.0)
      jquery-rails (>= 2.1, < 4)
      jquery-ui-rails (~> 3.0)
      kaminari (~> 0.14)
      nested_form (~> 0.3)
      rack-pjax (~> 0.6)
      rails (~> 3.1)
      remotipart (~> 1.0)
      safe_yaml (~> 0.6)
      sass-rails (~> 3.1)
    rails_kindeditor (0.4.5)
      carrierwave
      mini_magick
    railties (3.2.14)
      actionpack (= 3.2.14)
      activesupport (= 3.2.14)
      rack-ssl (~> 1.3.2)
      rake (>= 0.8.7)
      rdoc (~> 3.4)
      thor (>= 0.14.6, < 2.0)
    rake (10.4.2)
    ransack (1.1.0)
      actionpack (>= 3.0)
      activerecord (>= 3.0)
      polyamorous (~> 0.6.0)
    rdoc (3.12.2)
      json (~> 1.4)
    redis (3.1.0)
    redis-namespace (1.5.1)
      redis (~> 3.0, >= 3.0.4)
    remotipart (1.2.1)
    rest-client (1.7.3)
      mime-types (>= 1.16, < 3.0)
      netrc (~> 0.7)
    rmagick (2.13.4)
    rmmseg-cpp (0.2.9)
    roadie (2.4.3)
      actionmailer (> 3.0.0, < 5.0.0)
      css_parser (~> 1.3.4)
      nokogiri (> 1.5.0)
      sprockets
    rolify (4.0.0)
    rspec (3.2.0)
      rspec-core (~> 3.2.0)
      rspec-expectations (~> 3.2.0)
      rspec-mocks (~> 3.2.0)
    rspec-core (3.2.1)
      rspec-support (~> 3.2.0)
    rspec-expectations (3.2.0)
      diff-lcs (>= 1.2.0, < 2.0)
      rspec-support (~> 3.2.0)
    rspec-mocks (3.2.1)
      diff-lcs (>= 1.2.0, < 2.0)
      rspec-support (~> 3.2.0)
    rspec-rails (3.2.1)
      actionpack (>= 3.0, < 4.3)
      activesupport (>= 3.0, < 4.3)
      railties (>= 3.0, < 4.3)
      rspec-core (~> 3.2.0)
      rspec-expectations (~> 3.2.0)
      rspec-mocks (~> 3.2.0)
      rspec-support (~> 3.2.0)
    rspec-support (3.2.2)
    ruby-hmac (0.4.0)
    ruby-prof (0.15.6)
    ruby_parser (3.6.4)
      sexp_processor (~> 4.1)
    rubyzip (1.1.7)
    safe_yaml (0.9.7)
    sass (3.4.13)
    sass-rails (3.2.6)
      railties (~> 3.2.0)
      sass (>= 3.1.10)
      tilt (~> 1.3)
    selenium-webdriver (2.45.0)
      childprocess (~> 0.5)
      multi_json (~> 1.0)
      rubyzip (~> 1.0)
      websocket (~> 1.0)
    settingslogic (2.0.9)
    sexp_processor (4.4.5)
    sidekiq (2.17.8)
      celluloid (= 0.15.2)
      connection_pool (~> 2.0)
      json
      redis (~> 3.1)
      redis-namespace (~> 1.3)
    sidekiq-limit_fetch (2.2.7)
      sidekiq (>= 2.6.5, < 4.0)
    sidekiq-unique-jobs (3.0.11)
      sidekiq (>= 2.6)
    simple_form (2.1.2)
      actionpack (~> 3.0)
      activemodel (~> 3.0)
    simple_oauth (0.1.9)
    sinatra (1.4.5)
      rack (~> 1.4)
      rack-protection (~> 1.4)
      tilt (~> 1.3, >= 1.3.4)
    sprockets (2.2.3)
      hike (~> 1.2)
      multi_json (~> 1.0)
      rack (~> 1.0)
      tilt (~> 1.1, != 1.3.0)
    squeel (1.1.1)
      activerecord (>= 3.0)
      activesupport (>= 3.0)
      polyamorous (~> 0.6.0)
    sshkit (1.7.0)
      colorize (>= 0.7.0)
      net-scp (>= 1.1.2)
      net-ssh (>= 2.8.0)
    stringex (2.5.2)
    subexec (0.2.3)
    thor (0.19.1)
    thread_safe (0.3.4)
    tilt (1.4.1)
    tilt-jbuilder (0.6.1)
      jbuilder
      tilt (<= 1.5.0)
    timers (1.1.0)
    tinder (1.10.1)
      eventmachine (~> 1.0)
      faraday (~> 0.9.0)
      faraday_middleware (~> 0.9)
      hashie (>= 1.0)
      json (~> 1.8.0)
      mime-types
      multi_json (~> 1.7)
      twitter-stream (~> 0.1)
    tinymce-rails (4.1.6)
      railties (>= 3.1.1)
    tinymce-rails-langs (4.20140129)
      tinymce-rails (~> 4.0)
    treetop (1.4.15)
      polyglot
      polyglot (>= 0.3.1)
    turbo-sprockets-rails3 (0.3.14)
      railties (> 3.2.8, < 4.0.0)
      sprockets (>= 2.2.0)
    twitter-stream (0.1.16)
      eventmachine (>= 0.12.8)
      http_parser.rb (~> 0.5.1)
      simple_oauth (~> 0.1.4)
    tzinfo (0.3.43)
    uglifier (2.7.1)
      execjs (>= 0.3.0)
      json (>= 1.8.0)
    unf (0.1.4)
      unf_ext
    unf_ext (0.0.6)
    virtus (1.0.4)
      axiom-types (~> 0.1)
      coercible (~> 1.0)
      descendants_tracker (~> 0.0, >= 0.0.3)
      equalizer (~> 0.0, >= 0.0.9)
    warden (1.2.3)
      rack (>= 1.0)
    webrobots (0.1.1)
    websocket (1.2.1)
    weibo_2 (0.1.7)
      hashie (~> 2.0.4)
      multi_json (~> 1)
      oauth2 (~> 0.9.1)
      rest-client (~> 1.7.3)
    weixin_authorize (1.6.2)
      carrierwave (>= 0.10.0)
      mini_magick (>= 3.7.0)
      redis (>= 3.1.0)
      rest-client (>= 1.6.7)
      yajl-ruby (>= 1.2.0)
    whenever (0.9.4)
      chronic (>= 0.6.3)
    will_paginate (3.0.7)
    will_paginate-bootstrap (1.0.1)
      will_paginate (>= 3.0.3)
    xml-simple (1.1.5)
    xpath (2.0.0)
      nokogiri (~> 1.3)
    yajl-ruby (1.2.1)

PLATFORMS
  ruby

DEPENDENCIES
  SystemTimer (= 1.2.3)
  activerecord-import (~> 0.2.9)
  acts-as-taggable-on (~> 3.4.0)
  acts_as_api
  acts_as_commentable (= 3.0.1)
  acts_as_follower (= 0.1.1)
  airbrake
  alipay!
  awesome_print
  backbone-on-rails
  baidu_push
  beaver
  better_errors
  binding_of_caller
  bootstrap-sass (>= 2.1.0.1)
  cache_digests
  cancan (>= 1.6.8)
  capistrano (~> 3.2.0)
  capistrano-bundler
  capistrano-rails
  capistrano-rvm
  capybara (>= 1.1.2)
  carrierwave (~> 0.10.0)
  china_sms
  chinese_pinyin
  client_side_validations
  client_side_validations-simple_form
  coffee-rails (~> 3.2.1)
  cucumber-rails (>= 1.3.0)
  dalli
  database_cleaner (>= 0.9.1)
  devise (= 2.2.8)
  email_spec (>= 1.2.1)
  exception_notification (= 3.0.0)
  facebox-rails
  factory_girl_rails (>= 4.1.0)
  faraday
  faraday_middleware
  foreigner (~> 1.1.0)
  grape
  grape-jbuilder
  grocer
  haml (>= 3.1.7)
  haml-rails (>= 0.3.5)
  headless
  hpricot (>= 0.8.6)
  httpclient
  jbuilder
  jquery-rails (~> 3.1.1)
  json_spec
  launchy (>= 2.1.2)
  lol_dba
  mailboxer (= 0.8.0)
  mechanize
  mini_magick (~> 3.7.0)
  multi_json (~> 1.10.1)
  mysql2 (= 0.3.11)
  newrelic_rpm
  oauth2
  oj
  omniauth
  omniauth-qq-connect (~> 0.1.0)
  omniauth-weibo-oauth2
  omniauth-weixin
  qiniu (~> 6.2.1)
  quiet_assets (>= 1.0.1)
  rabl
  rails (= 3.2.14)
  rails_admin
  rails_kindeditor
  ransack (= 1.1.0)
  redis (~> 3.1.0)
  rest-client
  rmagick (~> 2.13.3)
  rmmseg-cpp
  roadie (~> 2.4)
  rolify (>= 3.2.0)
  rspec-rails (>= 2.13.2)
  ruby-prof
  ruby_parser (>= 2.3.1)
  sass-rails (~> 3.2.3)
  selenium-webdriver
  settingslogic
  sidekiq (~> 2.17.8)
  sidekiq-limit_fetch (~> 2.2.6)
  sidekiq-unique-jobs (~> 3.0.2)
  simple_form (>= 2.0.4)
  sinatra
  squeel (= 1.1.1)
  stringex
  taobaorb!
  tinymce-rails
  tinymce-rails-langs
  turbo-sprockets-rails3 (~> 0.3.14)
  uglifier (>= 1.0.3)
  weibo_2
  weixin_authorize
  whenever
  will_paginate-bootstrap
  xml-simple
